PATH
  remote: /Users/federicomoya/Documents/repos/simplecov_json_formatter
  specs:
    simplecov_json_formatter (0.1.2)

PATH
  remote: /Users/federicomoya/Documents/repos/simplecov
  specs:
    simplecov (0.19.0)
      docile (~> 1.1)
      simplecov-html (~> 0.11)
      simplecov_json_formatter (~> 0.1)

GEM
  remote: https://rubygems.org/
  specs:
    byebug (11.1.3)
    diff-lcs (1.3)
    docile (1.3.2)
    rspec (3.6.0)
      rspec-core (~> 3.6.0)
      rspec-expectations (~> 3.6.0)
      rspec-mocks (~> 3.6.0)
    rspec-core (3.6.0)
      rspec-support (~> 3.6.0)
    rspec-expectations (3.6.0)
      diff-lcs (>= 1.2.0, < 2.0)
      rspec-support (~> 3.6.0)
    rspec-mocks (3.6.0)
      diff-lcs (>= 1.2.0, < 2.0)
      rspec-support (~> 3.6.0)
    rspec-support (3.6.0)
    simplecov-html (0.12.2)

PLATFORMS
  ruby

DEPENDENCIES
  byebug
  rspec
  simplecov (= 0.19.0)!
  simplecov_json_formatter!

BUNDLED WITH
   2.0.1
